GIT
  remote: https://github.com/danascheider/reactive_support.git
  revision: ef7fe2c6adeaf7435696977ba13afb595f037244
  branch: development
  specs:
    reactive_support (0.1.3.beta2)

GIT
  remote: https://github.com/danascheider/sinatra-sequel_extension
  revision: ac0a499157de099e2afa94a685d42c07195749ab
  specs:
    sinatra-sequel_extension (0.9.0)
      sequel (>= 3.2)
      sinatra (>= 0.9.4)

GEM
  remote: https://rubygems.org/
  specs:
    activesupport (4.1.7)
      i18n (~> 0.6, >= 0.6.9)
      json (~> 1.7, >= 1.7.7)
      minitest (~> 5.1)
      thread_safe (~> 0.1)
      tzinfo (~> 1.1)
    builder (3.2.2)
    colorize (0.7.3)
    coveralls (0.7.1)
      multi_json (~> 1.3)
      rest-client
      simplecov (>= 0.7)
      term-ansicolor
      thor
    cucumber (1.3.17)
      builder (>= 2.1.2)
      diff-lcs (>= 1.1.3)
      gherkin (~> 2.12)
      multi_json (>= 1.7.5, < 2.0)
      multi_test (>= 0.1.1)
    cucumber-sinatra (0.5.0)
      templater (>= 1.0.0)
    daemons (1.1.9)
    diff-lcs (1.2.5)
    docile (1.1.5)
    eventmachine (1.0.3)
    extlib (0.9.16)
    factory_girl (4.5.0)
      activesupport (>= 3.0.0)
    gherkin (2.12.2)
      multi_json (~> 1.3)
    highline (1.6.21)
    i18n (0.6.11)
    json (1.8.1)
    json_spec (1.1.4)
      multi_json (~> 1.0)
      rspec (>= 2.0, < 4.0)
    mime-types (2.4.3)
    minitest (5.4.2)
    multi_json (1.10.1)
    multi_test (0.1.1)
    mysql2 (0.3.16)
    netrc (0.8.0)
    rack (1.5.2)
    rack-cors (0.2.9)
    rack-protection (1.5.3)
      rack
    rack-test (0.6.2)
      rack (>= 1.0)
    rake (10.3.2)
    require_all (1.3.2)
    rest-client (1.7.2)
      mime-types (>= 1.16, < 3.0)
      netrc (~> 0.7)
    rspec (3.1.0)
      rspec-core (~> 3.1.0)
      rspec-expectations (~> 3.1.0)
      rspec-mocks (~> 3.1.0)
    rspec-core (3.1.7)
      rspec-support (~> 3.1.0)
    rspec-expectations (3.1.2)
      diff-lcs (>= 1.2.0, < 2.0)
      rspec-support (~> 3.1.0)
    rspec-mocks (3.1.3)
      rspec-support (~> 3.1.0)
    rspec-support (3.1.2)
    sequel (4.16.0)
    simplecov (0.9.1)
      docile (~> 1.1.0)
      multi_json (~> 1.0)
      simplecov-html (~> 0.8.0)
    simplecov-html (0.8.0)
    sinatra (1.4.5)
      rack (~> 1.4)
      rack-protection (~> 1.4)
      tilt (~> 1.3, >= 1.3.4)
    sinatra-backbone (0.1.1)
      sinatra
    templater (1.0.0)
      diff-lcs (>= 1.1.2)
      extlib (>= 0.9.5)
      highline (>= 1.4.0)
    term-ansicolor (1.3.0)
      tins (~> 1.0)
    thin (1.6.3)
      daemons (~> 1.0, >= 1.0.9)
      eventmachine (~> 1.0)
      rack (~> 1.0)
    thor (0.19.1)
    thread_safe (0.3.4)
    tilt (1.4.1)
    tins (1.3.3)
    tzinfo (1.2.2)
      thread_safe (~> 0.1)

PLATFORMS
  ruby

DEPENDENCIES
  colorize (~> 0.7.3)
  coveralls (>= 0.7.0)
  cucumber (~> 1.3.16)
  cucumber-sinatra (~> 0.5.0)
  factory_girl (~> 4.4)
  json (~> 1.8.1)
  json_spec (~> 1.1.2)
  mysql2 (= 0.3.16)
  rack-cors (~> 0.2.9)
  rack-test (~> 0.6.2)
  rake (~> 10.3.2)
  reactive_support (~> 0.1.3.beta2)!
  require_all (~> 1.3.2)
  rspec (~> 3.0)
  sequel (~> 4.13)
  simplecov (>= 0.8.2)
  sinatra (~> 1.4.5)
  sinatra-backbone (~> 0.1.1)
  sinatra-sequel_extension (~> 0.9.0)!
  thin (~> 1.6.2)
